STORAGE: NONE
NUGET
  remote: https://api.nuget.org/v3/index.json
    Avalonia (0.10.3) - restriction: || (>= net461) (>= netstandard2.0)
      Avalonia.Remote.Protocol (>= 0.10.3) - restriction: || (>= net461) (>= netstandard2.0)
      JetBrains.Annotations (>= 10.3) - restriction: || (>= net461) (>= netstandard2.0)
      System.ComponentModel.Annotations (>= 4.5) - restriction: || (>= net461) (>= netstandard2.0)
      System.Memory (>= 4.5.3) - restriction: || (>= net461) (>= netstandard2.0)
      System.Reactive (>= 5.0) - restriction: || (>= net461) (>= netstandard2.0)
      System.Runtime.CompilerServices.Unsafe (>= 4.6) - restriction: || (>= net461) (>= netstandard2.0)
      System.Runtime.InteropServices.RuntimeInformation (>= 4.3) - restriction: >= net461
      System.ValueTuple (>= 4.5) - restriction: || (>= net461) (>= netstandard2.0)
    Avalonia.Remote.Protocol (0.10.3) - restriction: || (>= net461) (>= netstandard2.0)
    Avalonia.Skia (0.10.3) - restriction: || (>= net461) (>= netstandard2.0)
      Avalonia (>= 0.10.3) - restriction: >= netstandard2.0
      HarfBuzzSharp (>= 2.6.1.7) - restriction: >= netstandard2.0
      HarfBuzzSharp.NativeAssets.Linux (>= 2.6.1.7) - restriction: >= netstandard2.0
      SkiaSharp (>= 2.80.2) - restriction: >= netstandard2.0
      SkiaSharp.NativeAssets.Linux (>= 2.80.2) - restriction: >= netstandard2.0
    Avalonia.Svg.Skia (0.10.3)
      Avalonia (>= 0.10.3) - restriction: || (>= net461) (>= netstandard2.0)
      Avalonia.Skia (>= 0.10.3) - restriction: || (>= net461) (>= netstandard2.0)
      SkiaSharp (>= 2.80.2) - restriction: || (>= net461) (>= netstandard2.0)
      Svg.Skia (>= 0.5.3) - restriction: || (>= net461) (>= netstandard2.0)
    Fizzler (1.3) - restriction: || (>= net461) (>= netstandard2.0)
      NETStandard.Library (>= 1.6.1) - restriction: && (>= netstandard1.0) (< netstandard2.0)
      System.Diagnostics.Contracts (>= 4.3) - restriction: && (>= netstandard1.0) (< netstandard2.0)
    HarfBuzzSharp (2.6.1.7) - restriction: || (>= net461) (>= netstandard2.0)
      System.Memory (>= 4.5.3) - restriction: || (&& (< monoandroid) (>= netstandard1.3) (< netstandard2.0) (< xamarintvos) (< xamarinwatchos)) (&& (< monoandroid) (>= netstandard2.0) (< xamarinios) (< xamarinmac) (< xamarintvos) (< xamarinwatchos)) (>= net462) (>= tizen4.0) (>= uap10.1)
    HarfBuzzSharp.NativeAssets.Linux (2.6.1.7) - restriction: >= netstandard2.0
      HarfBuzzSharp (>= 2.6.1.7) - restriction: >= netstandard1.3
    JetBrains.Annotations (2021.1) - restriction: || (>= net461) (>= netstandard2.0)
    Microsoft.NETCore.Platforms (5.0.2) - restriction: || (&& (< monoandroid) (< net45) (< netstandard1.2) (>= netstandard2.0) (< win8)) (&& (< monoandroid) (< net45) (< netstandard1.3) (>= netstandard2.0) (< win8) (< wpa81)) (&& (< monoandroid) (< net45) (< netstandard1.5) (>= netstandard2.0) (< win8) (< wpa81)) (&& (< monoandroid) (< net45) (>= netstandard2.0) (< win8) (< wpa81) (< xamarinios) (< xamarinmac) (< xamarintvos) (< xamarinwatchos)) (&& (< monoandroid) (>= netcoreapp2.0) (< netcoreapp3.0) (< xamarinios) (< xamarinmac) (< xamarintvos) (< xamarinwatchos)) (&& (< monoandroid) (< netstandard1.2) (>= netstandard2.1)) (&& (< monoandroid) (< netstandard1.3) (>= netstandard2.1)) (&& (< monoandroid) (< netstandard1.5) (>= netstandard2.1)) (&& (< monoandroid) (>= netstandard2.1) (< xamarinios) (< xamarinmac) (< xamarintvos) (< xamarinwatchos)) (&& (< net45) (>= net461) (< netstandard1.2)) (&& (< net45) (>= net461) (>= netstandard1.5) (< netstandard1.6)) (&& (< net45) (>= net461) (< netstandard1.5)) (&& (>= net461) (< netstandard1.0)) (&& (>= net461) (< netstandard1.3)) (&& (>= net461) (< netstandard1.4)) (&& (>= net461) (< netstandard1.5) (>= uap10.0)) (&& (>= net461) (< netstandard2.0)) (&& (>= net461) (< portable-net45+win8+wpa81)) (&& (>= net461) (>= uap10.1)) (&& (>= net461) (>= wp8)) (&& (>= netcoreapp3.0) (< xamarinios) (< xamarinmac) (< xamarintvos) (< xamarinwatchos))
    Microsoft.NETCore.Targets (5.0) - restriction: || (&& (< monoandroid) (< net45) (< netstandard1.2) (>= netstandard2.0) (< win8)) (&& (< monoandroid) (< net45) (< netstandard1.3) (>= netstandard2.0) (< win8) (< wpa81)) (&& (< monoandroid) (< net45) (< netstandard1.5) (>= netstandard2.0) (< win8) (< wpa81)) (&& (< monoandroid) (< net45) (>= netstandard2.0) (< win8) (< wpa81) (< xamarinios) (< xamarinmac) (< xamarintvos) (< xamarinwatchos)) (&& (< monoandroid) (< netstandard1.2) (>= netstandard2.1)) (&& (< monoandroid) (< netstandard1.3) (>= netstandard2.1)) (&& (< monoandroid) (< netstandard1.5) (>= netstandard2.1)) (&& (< monoandroid) (>= netstandard2.1) (< xamarinios) (< xamarinmac) (< xamarintvos) (< xamarinwatchos))
    Microsoft.Win32.SystemEvents (5.0) - restriction: || (&& (< monoandroid) (>= netcoreapp2.0) (< netcoreapp3.0) (< xamarinios) (< xamarinmac) (< xamarintvos) (< xamarinwatchos)) (&& (>= netcoreapp3.0) (< xamarinios) (< xamarinmac) (< xamarintvos) (< xamarinwatchos))
      Microsoft.NETCore.Platforms (>= 5.0) - restriction: >= netcoreapp2.0
    NETStandard.Library (2.0.3) - restriction: && (>= net461) (< netstandard2.0)
      Microsoft.NETCore.Platforms (>= 1.1) - restriction: || (&& (>= net45) (< netstandard1.3)) (&& (< net45) (>= netstandard1.1) (< netstandard1.2) (< win8)) (&& (< net45) (>= netstandard1.2) (< netstandard1.3) (< win8) (< wpa81)) (&& (< net45) (>= netstandard1.3) (< netstandard1.4) (< win8) (< wpa81)) (&& (< net45) (>= netstandard1.4) (< netstandard1.5) (< win8) (< wpa81)) (&& (< net45) (>= netstandard1.5) (< netstandard1.6) (< win8) (< wpa81)) (&& (< net45) (>= netstandard1.6) (< netstandard2.0) (< win8) (< wpa81)) (&& (< net45) (>= netstandard2.0)) (&& (>= net46) (< netstandard1.4)) (>= net461) (>= netcoreapp2.0) (&& (>= netstandard1.0) (< portable-net45+win8+wpa81)) (&& (< netstandard1.0) (>= portable-net45+win8) (< win8)) (&& (< netstandard1.0) (< portable-net45+win8) (>= portable-net45+win8+wpa81)) (&& (< netstandard1.0) (>= portable-net45+win8+wp8+wpa81) (< portable-net45+win8+wpa81)) (&& (< netstandard1.0) (>= win8)) (&& (< netstandard1.3) (< win8) (>= wpa81)) (&& (< netstandard1.5) (>= uap10.0)) (>= uap10.1) (>= wp8)
    SkiaSharp (2.80.2) - restriction: || (>= net461) (>= netstandard2.0)
      System.IO.UnmanagedMemoryStream (>= 4.3) - restriction: && (< monoandroid) (< net462) (>= netstandard1.3) (< netstandard2.0) (< uap10.1) (< xamarintvos) (< xamarinwatchos)
      System.Memory (>= 4.5.3) - restriction: || (&& (< monoandroid) (>= netstandard1.3) (< netstandard2.0) (< xamarintvos) (< xamarinwatchos)) (&& (< monoandroid) (>= netstandard2.0) (< xamarinios) (< xamarinmac) (< xamarintvos) (< xamarinwatchos)) (>= net462) (>= tizen4.0) (>= uap10.1)
    SkiaSharp.HarfBuzz (2.80.2) - restriction: || (>= net461) (>= netstandard2.0)
      HarfBuzzSharp (>= 2.6.1.7) - restriction: >= netstandard1.3
      SkiaSharp (>= 2.80.2) - restriction: >= netstandard1.3
    SkiaSharp.NativeAssets.Linux (2.80.2) - restriction: >= netstandard2.0
      SkiaSharp (>= 2.80.2) - restriction: >= netstandard1.3
    Svg.Custom (0.5.3) - restriction: || (>= net461) (>= netstandard2.0)
      Fizzler (>= 1.2) - restriction: || (>= net461) (>= netstandard2.0)
      System.Drawing.Common (>= 5.0) - restriction: || (&& (< net461) (>= netstandard2.0)) (>= netstandard2.1)
      System.Memory (>= 4.5.3) - restriction: || (>= net461) (>= netstandard2.0)
      System.ObjectModel (>= 4.3) - restriction: || (&& (< net461) (>= netstandard2.0)) (>= netstandard2.1)
      System.ValueTuple (>= 4.5) - restriction: || (>= net461) (>= netstandard2.0)
    Svg.Model (0.5.3) - restriction: || (>= net461) (>= netstandard2.0)
      Svg.Custom (>= 0.5.3) - restriction: || (>= net461) (>= netstandard2.0)
    Svg.Skia (0.5.3) - restriction: || (>= net461) (>= netstandard2.0)
      SkiaSharp (>= 2.80.2) - restriction: || (>= net461) (>= netstandard2.0)
      SkiaSharp.HarfBuzz (>= 2.80.2) - restriction: || (>= net461) (>= netstandard2.0)
      Svg.Custom (>= 0.5.3) - restriction: || (>= net461) (>= netstandard2.0)
      Svg.Model (>= 0.5.3) - restriction: || (>= net461) (>= netstandard2.0)
    System.Buffers (4.5.1) - restriction: || (&& (>= monoandroid) (< netcoreapp2.0) (>= netstandard2.0)) (&& (< monoandroid) (< net45) (< netcoreapp2.0) (>= netstandard2.0)) (&& (< monoandroid) (< netstandard1.1) (>= netstandard2.0) (< win8)) (&& (>= monotouch) (>= netstandard2.0)) (>= net461) (&& (< netstandard1.1) (>= netstandard2.0) (>= win8)) (&& (>= netstandard2.0) (>= xamarintvos)) (&& (>= netstandard2.0) (>= xamarinwatchos)) (>= xamarinios) (>= xamarinmac)
    System.Collections (4.3) - restriction: || (&& (< monoandroid) (< net45) (>= netstandard2.0) (< win8) (< wpa81) (< xamarinios) (< xamarinmac) (< xamarintvos) (< xamarinwatchos)) (&& (< monoandroid) (>= netstandard2.1) (< xamarinios) (< xamarinmac) (< xamarintvos) (< xamarinwatchos))
      Microsoft.NETCore.Platforms (>= 1.1) - restriction: || (&& (< monoandroid) (< monotouch) (< net45) (>= netstandard1.3) (< win8) (< wpa81) (< xamarinios) (< xamarinmac) (< xamarintvos) (< xamarinwatchos)) (&& (< monoandroid) (< net45) (>= netstandard1.0) (< netstandard1.3) (< win8) (< wp8) (< wpa81))
      Microsoft.NETCore.Targets (>= 1.1) - restriction: || (&& (< monoandroid) (< monotouch) (< net45) (>= netstandard1.3) (< win8) (< wpa81) (< xamarinios) (< xamarinmac) (< xamarintvos) (< xamarinwatchos)) (&& (< monoandroid) (< net45) (>= netstandard1.0) (< netstandard1.3) (< win8) (< wp8) (< wpa81))
      System.Runtime (>= 4.3) - restriction: || (&& (< monoandroid) (< monotouch) (< net45) (>= netstandard1.3) (< win8) (< wpa81) (< xamarinios) (< xamarinmac) (< xamarintvos) (< xamarinwatchos)) (&& (< monoandroid) (< net45) (>= netstandard1.0) (< netstandard1.3) (< win8) (< wp8) (< wpa81))
    System.ComponentModel.Annotations (5.0) - restriction: || (>= net461) (>= netstandard2.0)
    System.Diagnostics.Contracts (4.3) - restriction: && (>= net461) (< netstandard2.0)
    System.Diagnostics.Debug (4.3) - restriction: || (&& (< monoandroid) (< net45) (>= netstandard2.0) (< win8) (< wpa81) (< xamarinios) (< xamarinmac) (< xamarintvos) (< xamarinwatchos)) (&& (< monoandroid) (>= netstandard2.1) (< xamarinios) (< xamarinmac) (< xamarintvos) (< xamarinwatchos))
      Microsoft.NETCore.Platforms (>= 1.1) - restriction: || (&& (< monoandroid) (< monotouch) (< net45) (>= netstandard1.3) (< win8) (< wpa81) (< xamarinios) (< xamarinmac) (< xamarintvos) (< xamarinwatchos)) (&& (< monoandroid) (< net45) (>= netstandard1.0) (< netstandard1.3) (< win8) (< wp8) (< wpa81))
      Microsoft.NETCore.Targets (>= 1.1) - restriction: || (&& (< monoandroid) (< monotouch) (< net45) (>= netstandard1.3) (< win8) (< wpa81) (< xamarinios) (< xamarinmac) (< xamarintvos) (< xamarinwatchos)) (&& (< monoandroid) (< net45) (>= netstandard1.0) (< netstandard1.3) (< win8) (< wp8) (< wpa81))
      System.Runtime (>= 4.3) - restriction: || (&& (< monoandroid) (< monotouch) (< net45) (>= netstandard1.3) (< win8) (< wpa81) (< xamarinios) (< xamarinmac) (< xamarintvos) (< xamarinwatchos)) (&& (< monoandroid) (< net45) (>= netstandard1.0) (< netstandard1.3) (< win8) (< wp8) (< wpa81))
    System.Drawing.Common (5.0.2) - restriction: || (&& (< net461) (>= netstandard2.0)) (>= netstandard2.1)
      Microsoft.NETCore.Platforms (>= 5.0.1) - restriction: && (< monoandroid) (>= netcoreapp2.0) (< netcoreapp3.0) (< xamarinios) (< xamarinmac) (< xamarintvos) (< xamarinwatchos)
      Microsoft.Win32.SystemEvents (>= 5.0) - restriction: || (&& (< monoandroid) (>= netcoreapp2.0) (< netcoreapp3.0) (< xamarinios) (< xamarinmac) (< xamarintvos) (< xamarinwatchos)) (&& (>= netcoreapp3.0) (< xamarinios) (< xamarinmac) (< xamarintvos) (< xamarinwatchos))
    System.Globalization (4.3) - restriction: || (&& (< monoandroid) (< net45) (>= netstandard2.0) (< win8) (< wpa81) (< xamarinios) (< xamarinmac) (< xamarintvos) (< xamarinwatchos)) (&& (< monoandroid) (>= netstandard2.1) (< xamarinios) (< xamarinmac) (< xamarintvos) (< xamarinwatchos))
      Microsoft.NETCore.Platforms (>= 1.1) - restriction: || (&& (< monoandroid) (< monotouch) (< net45) (>= netstandard1.3) (< win8) (< wpa81) (< xamarinios) (< xamarinmac) (< xamarintvos) (< xamarinwatchos)) (&& (< monoandroid) (< net45) (>= netstandard1.0) (< netstandard1.3) (< win8) (< wp8) (< wpa81))
      Microsoft.NETCore.Targets (>= 1.1) - restriction: || (&& (< monoandroid) (< monotouch) (< net45) (>= netstandard1.3) (< win8) (< wpa81) (< xamarinios) (< xamarinmac) (< xamarintvos) (< xamarinwatchos)) (&& (< monoandroid) (< net45) (>= netstandard1.0) (< netstandard1.3) (< win8) (< wp8) (< wpa81))
      System.Runtime (>= 4.3) - restriction: || (&& (< monoandroid) (< monotouch) (< net45) (>= netstandard1.3) (< win8) (< wpa81) (< xamarinios) (< xamarinmac) (< xamarintvos) (< xamarinwatchos)) (&& (< monoandroid) (< net45) (>= netstandard1.0) (< netstandard1.3) (< win8) (< wp8) (< wpa81))
    System.IO (4.3) - restriction: || (&& (< monoandroid) (< net45) (< netstandard1.3) (>= netstandard2.0) (< win8) (< wpa81)) (&& (< monoandroid) (< net45) (< netstandard1.5) (>= netstandard2.0) (< win8) (< wpa81)) (&& (< monoandroid) (< net45) (>= netstandard2.0) (< win8) (< wpa81) (< xamarinios) (< xamarinmac) (< xamarintvos) (< xamarinwatchos)) (&& (< monoandroid) (< netstandard1.3) (>= netstandard2.1)) (&& (< monoandroid) (< netstandard1.5) (>= netstandard2.1)) (&& (< monoandroid) (>= netstandard2.1) (< xamarinios) (< xamarinmac) (< xamarintvos) (< xamarinwatchos))
      Microsoft.NETCore.Platforms (>= 1.1) - restriction: || (&& (< monoandroid) (< monotouch) (< net45) (>= netstandard1.5) (< win8) (< wpa81) (< xamarinios) (< xamarinmac) (< xamarintvos) (< xamarinwatchos)) (&& (< monoandroid) (< net45) (>= netstandard1.0) (< netstandard1.3) (< win8) (< wp8) (< wpa81)) (&& (< monoandroid) (< net45) (>= netstandard1.3) (< netstandard1.5) (< win8) (< wpa81))
      Microsoft.NETCore.Targets (>= 1.1) - restriction: || (&& (< monoandroid) (< monotouch) (< net45) (>= netstandard1.5) (< win8) (< wpa81) (< xamarinios) (< xamarinmac) (< xamarintvos) (< xamarinwatchos)) (&& (< monoandroid) (< net45) (>= netstandard1.0) (< netstandard1.3) (< win8) (< wp8) (< wpa81)) (&& (< monoandroid) (< net45) (>= netstandard1.3) (< netstandard1.5) (< win8) (< wpa81))
      System.Runtime (>= 4.3) - restriction: || (&& (< monoandroid) (< monotouch) (< net45) (>= netstandard1.5) (< win8) (< wpa81) (< xamarinios) (< xamarinmac) (< xamarintvos) (< xamarinwatchos)) (&& (< monoandroid) (< net45) (>= netstandard1.0) (< netstandard1.3) (< win8) (< wp8) (< wpa81)) (&& (< monoandroid) (< net45) (>= netstandard1.3) (< netstandard1.5) (< win8) (< wpa81))
      System.Text.Encoding (>= 4.3) - restriction: || (&& (< monoandroid) (< monotouch) (< net45) (>= netstandard1.5) (< win8) (< wpa81) (< xamarinios) (< xamarinmac) (< xamarintvos) (< xamarinwatchos)) (&& (< monoandroid) (< net45) (>= netstandard1.0) (< netstandard1.3) (< win8) (< wp8) (< wpa81)) (&& (< monoandroid) (< net45) (>= netstandard1.3) (< netstandard1.5) (< win8) (< wpa81))
      System.Threading.Tasks (>= 4.3) - restriction: || (&& (< monoandroid) (< monotouch) (< net45) (>= netstandard1.5) (< win8) (< wpa81) (< xamarinios) (< xamarinmac) (< xamarintvos) (< xamarinwatchos)) (&& (< monoandroid) (< net45) (>= netstandard1.0) (< netstandard1.3) (< win8) (< wp8) (< wpa81)) (&& (< monoandroid) (< net45) (>= netstandard1.3) (< netstandard1.5) (< win8) (< wpa81))
    System.IO.FileSystem.Primitives (4.3) - restriction: && (>= net461) (< net462) (< netstandard2.0)
    System.IO.UnmanagedMemoryStream (4.3) - restriction: && (>= net461) (< net462) (< netstandard2.0)
      System.IO.FileSystem.Primitives (>= 4.3) - restriction: || (&& (< monoandroid) (< monotouch) (>= netstandard1.3) (< xamarinios) (< xamarinmac) (< xamarintvos) (< xamarinwatchos)) (>= net46)
    System.Memory (4.5.4) - restriction: || (>= net461) (>= netstandard2.0)
      System.Buffers (>= 4.5.1) - restriction: || (&& (>= monoandroid) (< netcoreapp2.0)) (&& (< monoandroid) (< net45) (< netcoreapp2.0) (>= netstandard2.0)) (&& (< monoandroid) (< net45) (>= netstandard1.1) (< netstandard2.0) (< win8) (< wpa81)) (&& (< monoandroid) (< netstandard1.1) (>= portable-net45+win8+wpa81) (< win8)) (>= monotouch) (&& (>= net45) (< netstandard2.0)) (>= net461) (&& (< netstandard1.1) (>= win8)) (&& (< netstandard2.0) (< uap10.1) (>= wpa81)) (>= xamarinios) (>= xamarinmac) (>= xamarintvos) (>= xamarinwatchos)
      System.Numerics.Vectors (>= 4.4) - restriction: && (< monoandroid) (< net45) (< netcoreapp2.0) (>= netstandard2.0) (< xamarinios) (< xamarinmac) (< xamarintvos) (< xamarinwatchos)
      System.Numerics.Vectors (>= 4.5) - restriction: >= net461
      System.Runtime.CompilerServices.Unsafe (>= 4.5.3) - restriction: || (&& (>= monoandroid) (< netcoreapp2.0)) (&& (< monoandroid) (< net45) (< netcoreapp2.0) (>= netstandard2.0)) (&& (< monoandroid) (< net45) (>= netstandard1.1) (< netstandard2.0) (< win8) (< wpa81)) (&& (< monoandroid) (>= netcoreapp2.0) (< netcoreapp2.1)) (&& (< monoandroid) (< netstandard1.1) (>= portable-net45+win8+wpa81) (< win8)) (>= monotouch) (&& (>= net45) (< netstandard2.0)) (>= net461) (&& (< netstandard1.1) (>= win8)) (&& (< netstandard2.0) (>= wpa81)) (>= uap10.1) (>= xamarinios) (>= xamarinmac) (>= xamarintvos) (>= xamarinwatchos)
    System.Numerics.Vectors (4.5) - restriction: || (&& (< monoandroid) (< net45) (< netcoreapp2.0) (>= netstandard2.0) (< xamarinios) (< xamarinmac) (< xamarintvos) (< xamarinwatchos)) (>= net461)
    System.ObjectModel (4.3) - restriction: || (&& (< net461) (>= netstandard2.0)) (>= netstandard2.1)
      System.Collections (>= 4.3) - restriction: && (< monoandroid) (< monotouch) (< net45) (>= netstandard1.3) (< win8) (< wpa81) (< xamarinios) (< xamarinmac) (< xamarintvos) (< xamarinwatchos)
      System.Diagnostics.Debug (>= 4.3) - restriction: && (< monoandroid) (< monotouch) (< net45) (>= netstandard1.3) (< win8) (< wpa81) (< xamarinios) (< xamarinmac) (< xamarintvos) (< xamarinwatchos)
      System.Resources.ResourceManager (>= 4.3) - restriction: && (< monoandroid) (< monotouch) (< net45) (>= netstandard1.3) (< win8) (< wpa81) (< xamarinios) (< xamarinmac) (< xamarintvos) (< xamarinwatchos)
      System.Runtime (>= 4.3) - restriction: || (&& (< monoandroid) (< monotouch) (< net45) (>= netstandard1.3) (< win8) (< wpa81) (< xamarinios) (< xamarinmac) (< xamarintvos) (< xamarinwatchos)) (&& (< monoandroid) (< net45) (>= netstandard1.0) (< netstandard1.3) (< win8) (< wp8) (< wpa81))
      System.Threading (>= 4.3) - restriction: && (< monoandroid) (< monotouch) (< net45) (>= netstandard1.3) (< win8) (< wpa81) (< xamarinios) (< xamarinmac) (< xamarintvos) (< xamarinwatchos)
    System.Reactive (5.0) - restriction: || (>= net461) (>= netstandard2.0)
      System.Runtime.InteropServices.WindowsRuntime (>= 4.3) - restriction: && (< net472) (< netcoreapp3.1) (>= netstandard2.0)
      System.Threading.Tasks.Extensions (>= 4.5.4) - restriction: || (>= net472) (&& (< netcoreapp3.1) (>= netstandard2.0)) (>= uap10.1)
    System.Reflection (4.3) - restriction: || (&& (< monoandroid) (< net45) (>= netstandard2.0) (< win8) (< wpa81) (< xamarinios) (< xamarinmac) (< xamarintvos) (< xamarinwatchos)) (&& (< monoandroid) (>= netstandard2.1) (< xamarinios) (< xamarinmac) (< xamarintvos) (< xamarinwatchos))
      Microsoft.NETCore.Platforms (>= 1.1) - restriction: || (&& (< monoandroid) (< monotouch) (< net45) (>= netstandard1.5) (< win8) (< wpa81) (< xamarinios) (< xamarinmac) (< xamarintvos) (< xamarinwatchos)) (&& (< monoandroid) (< net45) (>= netstandard1.0) (< netstandard1.3) (< win8) (< wp8) (< wpa81)) (&& (< monoandroid) (< net45) (>= netstandard1.3) (< netstandard1.5) (< win8) (< wpa81))
      Microsoft.NETCore.Targets (>= 1.1) - restriction: || (&& (< monoandroid) (< monotouch) (< net45) (>= netstandard1.5) (< win8) (< wpa81) (< xamarinios) (< xamarinmac) (< xamarintvos) (< xamarinwatchos)) (&& (< monoandroid) (< net45) (>= netstandard1.0) (< netstandard1.3) (< win8) (< wp8) (< wpa81)) (&& (< monoandroid) (< net45) (>= netstandard1.3) (< netstandard1.5) (< win8) (< wpa81))
      System.IO (>= 4.3) - restriction: || (&& (< monoandroid) (< monotouch) (< net45) (>= netstandard1.5) (< win8) (< wpa81) (< xamarinios) (< xamarinmac) (< xamarintvos) (< xamarinwatchos)) (&& (< monoandroid) (< net45) (>= netstandard1.0) (< netstandard1.3) (< win8) (< wp8) (< wpa81)) (&& (< monoandroid) (< net45) (>= netstandard1.3) (< netstandard1.5) (< win8) (< wpa81))
      System.Reflection.Primitives (>= 4.3) - restriction: || (&& (< monoandroid) (< monotouch) (< net45) (>= netstandard1.5) (< win8) (< wpa81) (< xamarinios) (< xamarinmac) (< xamarintvos) (< xamarinwatchos)) (&& (< monoandroid) (< net45) (>= netstandard1.0) (< netstandard1.3) (< win8) (< wp8) (< wpa81)) (&& (< monoandroid) (< net45) (>= netstandard1.3) (< netstandard1.5) (< win8) (< wpa81))
      System.Runtime (>= 4.3) - restriction: || (&& (< monoandroid) (< monotouch) (< net45) (>= netstandard1.5) (< win8) (< wpa81) (< xamarinios) (< xamarinmac) (< xamarintvos) (< xamarinwatchos)) (&& (< monoandroid) (< net45) (>= netstandard1.0) (< netstandard1.3) (< win8) (< wp8) (< wpa81)) (&& (< monoandroid) (< net45) (>= netstandard1.3) (< netstandard1.5) (< win8) (< wpa81))
    System.Reflection.Primitives (4.3) - restriction: || (&& (< monoandroid) (< net45) (< netstandard1.3) (>= netstandard2.0) (< win8) (< wpa81)) (&& (< monoandroid) (< net45) (< netstandard1.5) (>= netstandard2.0) (< win8) (< wpa81)) (&& (< monoandroid) (< net45) (>= netstandard2.0) (< win8) (< wpa81) (< xamarinios) (< xamarinmac) (< xamarintvos) (< xamarinwatchos)) (&& (< monoandroid) (< netstandard1.3) (>= netstandard2.1)) (&& (< monoandroid) (< netstandard1.5) (>= netstandard2.1)) (&& (< monoandroid) (>= netstandard2.1) (< xamarinios) (< xamarinmac) (< xamarintvos) (< xamarinwatchos))
      Microsoft.NETCore.Platforms (>= 1.1) - restriction: && (< monoandroid) (< monotouch) (< net45) (>= netstandard1.0) (< win8) (< wp8) (< wpa81) (< xamarinios) (< xamarinmac) (< xamarintvos) (< xamarinwatchos)
      Microsoft.NETCore.Targets (>= 1.1) - restriction: && (< monoandroid) (< monotouch) (< net45) (>= netstandard1.0) (< win8) (< wp8) (< wpa81) (< xamarinios) (< xamarinmac) (< xamarintvos) (< xamarinwatchos)
      System.Runtime (>= 4.3) - restriction: && (< monoandroid) (< monotouch) (< net45) (>= netstandard1.0) (< win8) (< wp8) (< wpa81) (< xamarinios) (< xamarinmac) (< xamarintvos) (< xamarinwatchos)
    System.Resources.ResourceManager (4.3) - restriction: || (&& (< monoandroid) (< net45) (>= netstandard2.0) (< win8) (< wpa81) (< xamarinios) (< xamarinmac) (< xamarintvos) (< xamarinwatchos)) (&& (< monoandroid) (>= netstandard2.1) (< xamarinios) (< xamarinmac) (< xamarintvos) (< xamarinwatchos))
      Microsoft.NETCore.Platforms (>= 1.1) - restriction: && (< monoandroid) (< monotouch) (< net45) (>= netstandard1.0) (< win8) (< wp8) (< wpa81) (< xamarinios) (< xamarinmac) (< xamarintvos) (< xamarinwatchos)
      Microsoft.NETCore.Targets (>= 1.1) - restriction: && (< monoandroid) (< monotouch) (< net45) (>= netstandard1.0) (< win8) (< wp8) (< wpa81) (< xamarinios) (< xamarinmac) (< xamarintvos) (< xamarinwatchos)
      System.Globalization (>= 4.3) - restriction: && (< monoandroid) (< monotouch) (< net45) (>= netstandard1.0) (< win8) (< wp8) (< wpa81) (< xamarinios) (< xamarinmac) (< xamarintvos) (< xamarinwatchos)
      System.Reflection (>= 4.3) - restriction: && (< monoandroid) (< monotouch) (< net45) (>= netstandard1.0) (< win8) (< wp8) (< wpa81) (< xamarinios) (< xamarinmac) (< xamarintvos) (< xamarinwatchos)
      System.Runtime (>= 4.3) - restriction: && (< monoandroid) (< monotouch) (< net45) (>= netstandard1.0) (< win8) (< wp8) (< wpa81) (< xamarinios) (< xamarinmac) (< xamarintvos) (< xamarinwatchos)
    System.Runtime (4.3.1) - restriction: || (&& (< monoandroid) (< net45) (< netstandard1.3) (>= netstandard2.0) (< win8) (< wpa81)) (&& (< monoandroid) (< net45) (>= netstandard2.0) (< win8) (< wpa81) (< xamarinios) (< xamarinmac) (< xamarintvos) (< xamarinwatchos)) (&& (< monoandroid) (< netstandard1.3) (>= netstandard2.1)) (&& (< monoandroid) (>= netstandard2.1) (< xamarinios) (< xamarinmac) (< xamarintvos) (< xamarinwatchos)) (&& (< net45) (>= net461) (>= netstandard2.0))
      Microsoft.NETCore.Platforms (>= 1.1.1) - restriction: || (&& (< monoandroid) (< monotouch) (< net45) (>= netstandard1.5) (< win8) (< wpa81) (< xamarinios) (< xamarinmac) (< xamarintvos) (< xamarinwatchos)) (&& (< monoandroid) (< net45) (>= netstandard1.0) (< netstandard1.2) (< win8) (< wp8)) (&& (< monoandroid) (< net45) (>= netstandard1.2) (< netstandard1.3) (< win8) (< wpa81)) (&& (< monoandroid) (< net45) (>= netstandard1.3) (< netstandard1.5) (< win8) (< wpa81))
      Microsoft.NETCore.Targets (>= 1.1.3) - restriction: || (&& (< monoandroid) (< monotouch) (< net45) (>= netstandard1.5) (< win8) (< wpa81) (< xamarinios) (< xamarinmac) (< xamarintvos) (< xamarinwatchos)) (&& (< monoandroid) (< net45) (>= netstandard1.0) (< netstandard1.2) (< win8) (< wp8)) (&& (< monoandroid) (< net45) (>= netstandard1.2) (< netstandard1.3) (< win8) (< wpa81)) (&& (< monoandroid) (< net45) (>= netstandard1.3) (< netstandard1.5) (< win8) (< wpa81))
    System.Runtime.CompilerServices.Unsafe (5.0) - restriction: || (&& (< monoandroid) (>= netcoreapp2.0) (< netcoreapp2.1)) (>= net461) (>= netstandard2.0)
    System.Runtime.InteropServices.RuntimeInformation (4.3) - restriction: >= net461
    System.Runtime.InteropServices.WindowsRuntime (4.3) - restriction: || (&& (>= net461) (< net472) (>= netstandard2.0)) (&& (< net472) (< netcoreapp3.1) (>= netstandard2.0))
      System.Runtime (>= 4.3) - restriction: && (< monoandroid) (< monotouch) (< net45) (>= netstandard1.0) (< win8) (< wp8) (< wpa81) (< xamarinios) (< xamarinmac) (< xamarintvos) (< xamarinwatchos)
    System.Text.Encoding (4.3) - restriction: || (&& (< monoandroid) (< net45) (< netstandard1.3) (>= netstandard2.0) (< win8) (< wpa81)) (&& (< monoandroid) (< net45) (< netstandard1.5) (>= netstandard2.0) (< win8) (< wpa81)) (&& (< monoandroid) (< net45) (>= netstandard2.0) (< win8) (< wpa81) (< xamarinios) (< xamarinmac) (< xamarintvos) (< xamarinwatchos)) (&& (< monoandroid) (< netstandard1.3) (>= netstandard2.1)) (&& (< monoandroid) (< netstandard1.5) (>= netstandard2.1)) (&& (< monoandroid) (>= netstandard2.1) (< xamarinios) (< xamarinmac) (< xamarintvos) (< xamarinwatchos))
      Microsoft.NETCore.Platforms (>= 1.1) - restriction: || (&& (< monoandroid) (< monotouch) (< net45) (>= netstandard1.3) (< win8) (< wpa81) (< xamarinios) (< xamarinmac) (< xamarintvos) (< xamarinwatchos)) (&& (< monoandroid) (< net45) (>= netstandard1.0) (< netstandard1.3) (< win8) (< wp8) (< wpa81))
      Microsoft.NETCore.Targets (>= 1.1) - restriction: || (&& (< monoandroid) (< monotouch) (< net45) (>= netstandard1.3) (< win8) (< wpa81) (< xamarinios) (< xamarinmac) (< xamarintvos) (< xamarinwatchos)) (&& (< monoandroid) (< net45) (>= netstandard1.0) (< netstandard1.3) (< win8) (< wp8) (< wpa81))
      System.Runtime (>= 4.3) - restriction: || (&& (< monoandroid) (< monotouch) (< net45) (>= netstandard1.3) (< win8) (< wpa81) (< xamarinios) (< xamarinmac) (< xamarintvos) (< xamarinwatchos)) (&& (< monoandroid) (< net45) (>= netstandard1.0) (< netstandard1.3) (< win8) (< wp8) (< wpa81))
    System.Threading (4.3) - restriction: || (&& (< monoandroid) (< net45) (>= netstandard2.0) (< win8) (< wpa81) (< xamarinios) (< xamarinmac) (< xamarintvos) (< xamarinwatchos)) (&& (< monoandroid) (>= netstandard2.1) (< xamarinios) (< xamarinmac) (< xamarintvos) (< xamarinwatchos))
      System.Runtime (>= 4.3) - restriction: || (&& (< monoandroid) (< monotouch) (< net45) (>= netstandard1.3) (< win8) (< wpa81) (< xamarinios) (< xamarinmac) (< xamarintvos) (< xamarinwatchos)) (&& (< monoandroid) (< net45) (>= netstandard1.0) (< netstandard1.3) (< win8) (< wp8) (< wpa81))
      System.Threading.Tasks (>= 4.3) - restriction: || (&& (< monoandroid) (< monotouch) (< net45) (>= netstandard1.3) (< win8) (< wpa81) (< xamarinios) (< xamarinmac) (< xamarintvos) (< xamarinwatchos)) (&& (< monoandroid) (< net45) (>= netstandard1.0) (< netstandard1.3) (< win8) (< wp8) (< wpa81))
    System.Threading.Tasks (4.3) - restriction: || (&& (< monoandroid) (< net45) (< netstandard1.3) (>= netstandard2.0) (< win8) (< wpa81)) (&& (< monoandroid) (< net45) (>= netstandard2.0) (< win8) (< wpa81) (< xamarinios) (< xamarinmac) (< xamarintvos) (< xamarinwatchos)) (&& (< monoandroid) (< netstandard1.3) (>= netstandard2.1)) (&& (< monoandroid) (>= netstandard2.1) (< xamarinios) (< xamarinmac) (< xamarintvos) (< xamarinwatchos))
      Microsoft.NETCore.Platforms (>= 1.1) - restriction: || (&& (< monoandroid) (< monotouch) (< net45) (>= netstandard1.3) (< win8) (< wpa81) (< xamarinios) (< xamarinmac) (< xamarintvos) (< xamarinwatchos)) (&& (< monoandroid) (< net45) (>= netstandard1.0) (< netstandard1.3) (< win8) (< wp8) (< wpa81))
      Microsoft.NETCore.Targets (>= 1.1) - restriction: || (&& (< monoandroid) (< monotouch) (< net45) (>= netstandard1.3) (< win8) (< wpa81) (< xamarinios) (< xamarinmac) (< xamarintvos) (< xamarinwatchos)) (&& (< monoandroid) (< net45) (>= netstandard1.0) (< netstandard1.3) (< win8) (< wp8) (< wpa81))
      System.Runtime (>= 4.3) - restriction: || (&& (< monoandroid) (< monotouch) (< net45) (>= netstandard1.3) (< win8) (< wpa81) (< xamarinios) (< xamarinmac) (< xamarintvos) (< xamarinwatchos)) (&& (< monoandroid) (< net45) (>= netstandard1.0) (< netstandard1.3) (< win8) (< wp8) (< wpa81))
    System.Threading.Tasks.Extensions (4.5.4) - restriction: || (&& (>= net461) (>= netstandard2.0)) (&& (>= net461) (>= uap10.1)) (>= net472) (&& (< netcoreapp3.1) (>= netstandard2.0)) (&& (>= netstandard2.0) (>= uap10.1))
      System.Runtime.CompilerServices.Unsafe (>= 4.5.3) - restriction: || (&& (< monoandroid) (< monotouch) (< net45) (>= netstandard1.0) (< netstandard2.0) (< win8) (< wpa81) (< xamarintvos) (< xamarinwatchos)) (&& (< monoandroid) (< net45) (< netcoreapp2.1) (>= netstandard2.0) (< xamarinios) (< xamarinmac) (< xamarintvos) (< xamarinwatchos)) (&& (< monoandroid) (< netstandard1.0) (>= portable-net45+win8+wp8+wpa81) (< win8)) (&& (>= net45) (< netstandard2.0)) (>= net461) (&& (< netstandard1.0) (>= win8)) (&& (< netstandard2.0) (>= wpa81)) (>= wp8)
    System.ValueTuple (4.5) - restriction: || (>= net461) (>= netstandard2.0)

GROUP Avalonia
STORAGE: NONE
RESTRICTION: == net50
NUGET
  remote: https://api.nuget.org/v3/index.json
    Avalonia (0.10.3)
      Avalonia.Remote.Protocol (>= 0.10.3)
      JetBrains.Annotations (>= 10.3)
      System.ComponentModel.Annotations (>= 4.5)
      System.Memory (>= 4.5.3)
      System.Reactive (>= 5.0)
      System.Runtime.CompilerServices.Unsafe (>= 4.6)
      System.ValueTuple (>= 4.5)
    Avalonia.Angle.Windows.Natives (2.1.0.2020091801)
    Avalonia.Desktop (0.10.3)
      Avalonia (>= 0.10.3)
      Avalonia.Native (>= 0.10.3)
      Avalonia.Skia (>= 0.10.3)
      Avalonia.Win32 (>= 0.10.3)
      Avalonia.X11 (>= 0.10.3)
    Avalonia.FreeDesktop (0.10.3)
      Avalonia (>= 0.10.3)
      Tmds.DBus (>= 0.9)
    Avalonia.Native (0.10.3)
      Avalonia (>= 0.10.3)
    Avalonia.Remote.Protocol (0.10.3)
    Avalonia.Skia (0.10.3)
      Avalonia (>= 0.10.3)
      HarfBuzzSharp (>= 2.6.1.7)
      HarfBuzzSharp.NativeAssets.Linux (>= 2.6.1.7)
      SkiaSharp (>= 2.80.2)
      SkiaSharp.NativeAssets.Linux (>= 2.80.2)
    Avalonia.Svg.Skia (0.10.3)
      Avalonia (>= 0.10.3)
      Avalonia.Skia (>= 0.10.3)
      SkiaSharp (>= 2.80.2)
      Svg.Skia (>= 0.5.3)
    Avalonia.Win32 (0.10.3)
      Avalonia (>= 0.10.3)
      Avalonia.Angle.Windows.Natives (>= 2.1.0.2020091801)
      System.Drawing.Common (>= 4.5)
      System.Numerics.Vectors (>= 4.5)
    Avalonia.X11 (0.10.3)
      Avalonia (>= 0.10.3)
      Avalonia.FreeDesktop (>= 0.10.3)
      Avalonia.Skia (>= 0.10.3)
    Elmish (3.1)
      FSharp.Core (>= 4.6.2)
    Fizzler (1.3)
    FSharp.Core (5.0.1)
    HarfBuzzSharp (2.6.1.7)
      System.Memory (>= 4.5.3)
    HarfBuzzSharp.NativeAssets.Linux (2.6.1.7)
      HarfBuzzSharp (>= 2.6.1.7)
    JaggerJo.Avalonia.FuncUI (0.5.0-beta)
      Avalonia.Desktop (>= 0.10.0-rc1)
      FSharp.Core (>= 4.7.2)
    JaggerJo.Avalonia.FuncUI.DSL (0.5.0-beta)
      Avalonia.Desktop (>= 0.10.0-rc1)
      FSharp.Core (>= 4.7.2)
      JaggerJo.Avalonia.FuncUI (>= 0.5.0-beta)
    JaggerJo.Avalonia.FuncUI.Elmish (0.5.0-beta)
      Avalonia.Desktop (>= 0.10.0-rc1)
      Elmish (>= 3.1)
      FSharp.Core (>= 4.7.2)
      JaggerJo.Avalonia.FuncUI (>= 0.5.0-beta)
    JetBrains.Annotations (2021.1)
    LunaZodiaco (0.9.3)
      FSharp.Core (>= 5.0.1)
    Microsoft.NETCore.Platforms (5.0.2)
    Microsoft.NETCore.Targets (5.0)
    Microsoft.Win32.SystemEvents (5.0)
      Microsoft.NETCore.Platforms (>= 5.0)
    NineWaves (0.9.12)
      FSharp.Core (>= 5.0.1)
    SkiaSharp (2.80.2)
      System.Memory (>= 4.5.3)
    SkiaSharp.HarfBuzz (2.80.2)
      HarfBuzzSharp (>= 2.6.1.7)
      SkiaSharp (>= 2.80.2)
    SkiaSharp.NativeAssets.Linux (2.80.2)
      SkiaSharp (>= 2.80.2)
    Svg.Custom (0.5.3)
      Fizzler (>= 1.2)
      System.Drawing.Common (>= 5.0)
      System.Memory (>= 4.5.3)
      System.ObjectModel (>= 4.3)
      System.ValueTuple (>= 4.5)
    Svg.Model (0.5.3)
      Svg.Custom (>= 0.5.3)
    Svg.Skia (0.5.3)
      SkiaSharp (>= 2.80.2)
      SkiaSharp.HarfBuzz (>= 2.80.2)
      Svg.Custom (>= 0.5.3)
      Svg.Model (>= 0.5.3)
    System.Collections (4.3)
      Microsoft.NETCore.Platforms (>= 1.1)
      Microsoft.NETCore.Targets (>= 1.1)
      System.Runtime (>= 4.3)
    System.ComponentModel.Annotations (5.0)
    System.Diagnostics.Debug (4.3)
      Microsoft.NETCore.Platforms (>= 1.1)
      Microsoft.NETCore.Targets (>= 1.1)
      System.Runtime (>= 4.3)
    System.Drawing.Common (5.0.2)
      Microsoft.Win32.SystemEvents (>= 5.0)
    System.Globalization (4.3)
      Microsoft.NETCore.Platforms (>= 1.1)
      Microsoft.NETCore.Targets (>= 1.1)
      System.Runtime (>= 4.3)
    System.IO (4.3)
      Microsoft.NETCore.Platforms (>= 1.1)
      Microsoft.NETCore.Targets (>= 1.1)
      System.Runtime (>= 4.3)
      System.Text.Encoding (>= 4.3)
      System.Threading.Tasks (>= 4.3)
    System.Memory (4.5.4)
    System.Numerics.Vectors (4.5)
    System.ObjectModel (4.3)
      System.Collections (>= 4.3)
      System.Diagnostics.Debug (>= 4.3)
      System.Resources.ResourceManager (>= 4.3)
      System.Runtime (>= 4.3)
      System.Threading (>= 4.3)
    System.Reactive (5.0)
    System.Reflection (4.3)
      Microsoft.NETCore.Platforms (>= 1.1)
      Microsoft.NETCore.Targets (>= 1.1)
      System.IO (>= 4.3)
      System.Reflection.Primitives (>= 4.3)
      System.Runtime (>= 4.3)
    System.Reflection.Emit (4.7)
    System.Reflection.Primitives (4.3)
      Microsoft.NETCore.Platforms (>= 1.1)
      Microsoft.NETCore.Targets (>= 1.1)
      System.Runtime (>= 4.3)
    System.Resources.ResourceManager (4.3)
      Microsoft.NETCore.Platforms (>= 1.1)
      Microsoft.NETCore.Targets (>= 1.1)
      System.Globalization (>= 4.3)
      System.Reflection (>= 4.3)
      System.Runtime (>= 4.3)
    System.Runtime (4.3.1)
      Microsoft.NETCore.Platforms (>= 1.1.1)
      Microsoft.NETCore.Targets (>= 1.1.3)
    System.Runtime.CompilerServices.Unsafe (5.0)
    System.Security.Principal.Windows (5.0)
    System.Text.Encoding (4.3)
      Microsoft.NETCore.Platforms (>= 1.1)
      Microsoft.NETCore.Targets (>= 1.1)
      System.Runtime (>= 4.3)
    System.Threading (4.3)
      System.Runtime (>= 4.3)
      System.Threading.Tasks (>= 4.3)
    System.Threading.Tasks (4.3)
      Microsoft.NETCore.Platforms (>= 1.1)
      Microsoft.NETCore.Targets (>= 1.1)
      System.Runtime (>= 4.3)
    System.ValueTuple (4.5)
    Tmds.DBus (0.9.1)
      System.Reflection.Emit (>= 4.7)
      System.Security.Principal.Windows (>= 4.7)
    Tzolkin (0.9.22)
      FSharp.Core (>= 5.0.1)

GROUP Tests
STORAGE: NONE
RESTRICTION: == net50
NUGET
  remote: https://api.nuget.org/v3/index.json
    altcover (8.2.820)
    Expecto (9.0.2)
      FSharp.Core (>= 4.6)
      Mono.Cecil (>= 0.11.2)
    Expecto.FsCheck (9.0.2)
      Expecto (>= 9.0.2)
      FsCheck (>= 2.14.2)
    FsCheck (2.15.2)
      FSharp.Core (>= 4.2.3)
    FSharp.Core (5.0.1)
    Microsoft.CodeCoverage (16.9.4)
    Microsoft.NET.Test.Sdk (16.9.4)
      Microsoft.CodeCoverage (>= 16.9.4)
      Microsoft.TestPlatform.TestHost (>= 16.9.4)
    Microsoft.TestPlatform.ObjectModel (16.9.4)
      NuGet.Frameworks (>= 5.0)
      System.Reflection.Metadata (>= 1.6)
    Microsoft.TestPlatform.TestHost (16.9.4)
      Microsoft.TestPlatform.ObjectModel (>= 16.9.4)
      Newtonsoft.Json (>= 9.0.1)
    Mono.Cecil (0.11.3)
    Newtonsoft.Json (13.0.1)
    NuGet.Frameworks (5.9.1)
    System.Collections.Immutable (5.0)
    System.Reflection.Metadata (5.0)
    Unquote (6.0)
      FSharp.Core (>= 4.7.2)
    YoloDev.Expecto.TestSdk (0.11.1)
      Expecto (>= 9.0 < 10.0)
      FSharp.Core (>= 4.6)
      System.Collections.Immutable (>= 1.5 < 5.1)
