STORAGE: NONE

GROUP Avalonia
STORAGE: NONE
RESTRICTION: == net50
NUGET
  remote: https://api.nuget.org/v3/index.json
    Avalonia (0.10.3)
      Avalonia.Remote.Protocol (>= 0.10.3)
      JetBrains.Annotations (>= 10.3)
      System.ComponentModel.Annotations (>= 4.5)
      System.Memory (>= 4.5.3)
      System.Reactive (>= 5.0)
      System.Runtime.CompilerServices.Unsafe (>= 4.6)
      System.ValueTuple (>= 4.5)
    Avalonia.Angle.Windows.Natives (2.1.0.2020091801)
    Avalonia.Desktop (0.10.3)
      Avalonia (>= 0.10.3)
      Avalonia.Native (>= 0.10.3)
      Avalonia.Skia (>= 0.10.3)
      Avalonia.Win32 (>= 0.10.3)
      Avalonia.X11 (>= 0.10.3)
    Avalonia.FreeDesktop (0.10.3)
      Avalonia (>= 0.10.3)
      Tmds.DBus (>= 0.9)
    Avalonia.Native (0.10.3)
      Avalonia (>= 0.10.3)
    Avalonia.Remote.Protocol (0.10.3)
    Avalonia.Skia (0.10.3)
      Avalonia (>= 0.10.3)
      HarfBuzzSharp (>= 2.6.1.7)
      HarfBuzzSharp.NativeAssets.Linux (>= 2.6.1.7)
      SkiaSharp (>= 2.80.2)
      SkiaSharp.NativeAssets.Linux (>= 2.80.2)
    Avalonia.Win32 (0.10.3)
      Avalonia (>= 0.10.3)
      Avalonia.Angle.Windows.Natives (>= 2.1.0.2020091801)
      System.Drawing.Common (>= 4.5)
      System.Numerics.Vectors (>= 4.5)
    Avalonia.X11 (0.10.3)
      Avalonia (>= 0.10.3)
      Avalonia.FreeDesktop (>= 0.10.3)
      Avalonia.Skia (>= 0.10.3)
    Elmish (3.1)
      FSharp.Core (>= 4.6.2)
    FSharp.Core (5.0.1)
    HarfBuzzSharp (2.6.1.7)
      System.Memory (>= 4.5.3)
    HarfBuzzSharp.NativeAssets.Linux (2.6.1.7)
      HarfBuzzSharp (>= 2.6.1.7)
    JaggerJo.Avalonia.FuncUI (0.5.0-beta)
      Avalonia.Desktop (>= 0.10.0-rc1)
      FSharp.Core (>= 4.7.2)
    JaggerJo.Avalonia.FuncUI.DSL (0.5.0-beta)
      Avalonia.Desktop (>= 0.10.0-rc1)
      FSharp.Core (>= 4.7.2)
      JaggerJo.Avalonia.FuncUI (>= 0.5.0-beta)
    JaggerJo.Avalonia.FuncUI.Elmish (0.5.0-beta)
      Avalonia.Desktop (>= 0.10.0-rc1)
      Elmish (>= 3.1)
      FSharp.Core (>= 4.7.2)
      JaggerJo.Avalonia.FuncUI (>= 0.5.0-beta)
    JetBrains.Annotations (2021.1)
    LunaZodiaco (0.9.3)
      FSharp.Core (>= 5.0.1)
    Microsoft.NETCore.Platforms (5.0.2)
    Microsoft.Win32.SystemEvents (5.0)
      Microsoft.NETCore.Platforms (>= 5.0)
    NineWaves (0.9.12)
      FSharp.Core (>= 5.0.1)
    SkiaSharp (2.80.2)
      System.Memory (>= 4.5.3)
    SkiaSharp.NativeAssets.Linux (2.80.2)
      SkiaSharp (>= 2.80.2)
    System.ComponentModel.Annotations (5.0)
    System.Drawing.Common (5.0.2)
      Microsoft.Win32.SystemEvents (>= 5.0)
    System.Memory (4.5.4)
    System.Numerics.Vectors (4.5)
    System.Reactive (5.0)
    System.Reflection.Emit (4.7)
    System.Runtime.CompilerServices.Unsafe (5.0)
    System.Security.Principal.Windows (5.0)
    System.ValueTuple (4.5)
    Tmds.DBus (0.9.1)
      System.Reflection.Emit (>= 4.7)
      System.Security.Principal.Windows (>= 4.7)
    Tzolkin (0.9.22)
      FSharp.Core (>= 5.0.1)

GROUP Tests
STORAGE: NONE
RESTRICTION: == net50
NUGET
  remote: https://api.nuget.org/v3/index.json
    altcover (8.2.820)
    Expecto (9.0.2)
      FSharp.Core (>= 4.6)
      Mono.Cecil (>= 0.11.2)
    Expecto.FsCheck (9.0.2)
      Expecto (>= 9.0.2)
      FsCheck (>= 2.14.2)
    FsCheck (2.15.2)
      FSharp.Core (>= 4.2.3)
    FSharp.Core (5.0.1)
    Microsoft.CodeCoverage (16.9.4)
    Microsoft.NET.Test.Sdk (16.9.4)
      Microsoft.CodeCoverage (>= 16.9.4)
      Microsoft.TestPlatform.TestHost (>= 16.9.4)
    Microsoft.TestPlatform.ObjectModel (16.9.4)
      NuGet.Frameworks (>= 5.0)
      System.Reflection.Metadata (>= 1.6)
    Microsoft.TestPlatform.TestHost (16.9.4)
      Microsoft.TestPlatform.ObjectModel (>= 16.9.4)
      Newtonsoft.Json (>= 9.0.1)
    Mono.Cecil (0.11.3)
    Newtonsoft.Json (13.0.1)
    NuGet.Frameworks (5.9.1)
    System.Collections.Immutable (5.0)
    System.Reflection.Metadata (5.0)
    Unquote (6.0)
      FSharp.Core (>= 4.7.2)
    YoloDev.Expecto.TestSdk (0.11.1)
      Expecto (>= 9.0 < 10.0)
      FSharp.Core (>= 4.6)
      System.Collections.Immutable (>= 1.5 < 5.1)
